GEM
  remote: https://rubygems.org/
  specs:
    ffaker (2.23.0)
    gosu (1.4.6)

PLATFORMS
  ruby
  x86_64-linux

DEPENDENCIES
  ffaker
  gosu

BUNDLED WITH
   2.5.6
